GEM
  remote: https://rubygems.org/
  specs:
    erubis (2.7.0)
    mini_portile2 (2.8.4)
    nokogiri (1.15.4)
      mini_portile2 (~> 2.8.2)
      racc (~> 1.4)
    power_assert (0.2.7)
    psych (5.1.0)
      stringio
    racc (1.7.1)
    rake (10.4.2)
    rdoc (6.5.0)
      psych (>= 4.0.0)
    stringio (3.0.8)
    test-unit (3.1.8)
      power_assert

PLATFORMS
  ruby

DEPENDENCIES
  erubis
  nokogiri
  rake
  rdoc
  test-unit (~> 3.0)

BUNDLED WITH
   2.1.4
