GEM
  remote: https://rubygems.org/
  specs:
    erubis (2.7.0)
    mini_portile2 (2.4.0)
    nokogiri (1.10.7)
      mini_portile2 (~> 2.4.0)
    power_assert (1.1.5)
    rake (13.0.1)
    rdoc (6.2.0)
    test-unit (3.3.5)
      power_assert

PLATFORMS
  ruby

DEPENDENCIES
  erubis
  nokogiri
  rake
  rdoc
  test-unit (~> 3.0)

BUNDLED WITH
   2.1.4
