GEM
  remote: https://rubygems.org/
  specs:
    erubis (2.7.0)
    mini_portile (0.6.2)
    nokogiri (1.6.6.2)
      mini_portile (~> 0.6.0)
    power_assert (0.2.7)
    rake (10.4.2)
    rdoc (6.3.1)
    test-unit (3.1.8)
      power_assert

PLATFORMS
  ruby

DEPENDENCIES
  erubis
  nokogiri
  rake
  rdoc
  test-unit (~> 3.0)

BUNDLED WITH
   1.11.2
