GEM
  remote: https://rubygems.org/
  specs:
    erubis (2.7.0)
    json (1.8.2)
    mini_portile2 (2.4.0)
    nokogiri (1.10.4)
      mini_portile2 (~> 2.4.0)
    power_assert (0.2.7)
    rake (10.4.2)
    rdoc (4.2.0)
      json (~> 1.4)
    test-unit (3.1.8)
      power_assert

PLATFORMS
  ruby

DEPENDENCIES
  erubis
  nokogiri
  rake
  rdoc
  test-unit (~> 3.0)

BUNDLED WITH
   1.11.2
